NUGET
  remote: https://nuget.org/api/v2
  specs:
    dotNetRDF (1.0.7.3471)
      HtmlAgilityPack (>= 1.4.9) - framework: >= net35, >= net35, >= net40, >= net40
      Newtonsoft.Json (>= 6.0.6) - framework: portable-net40+sl40+win+wp80+MonoAndroid10+MonoTouch10, >= net35, >= net35, >= net40, >= net40
      VDS.Common (1.4.0) - framework: portable-net40+sl40+win+wp80+MonoAndroid10+MonoTouch10, >= net35, >= net35, >= net40, >= net40
    FAKE (3.17.5)
    FSharp.Compiler.Service (0.0.82)
    FSharp.Core (3.1.2.1)
    FSharp.Formatting (2.7.4)
      FSharp.Compiler.Service (>= 0.0.82)
      FSharpVSPowerTools.Core (>= 1.7.0)
    FSharpVSPowerTools.Core (1.7.0)
      FSharp.Compiler.Service (>= 0.0.81)
    FsPickler (1.0.11)
    HtmlAgilityPack (1.4.9) - framework: >= net35, >= net35, >= net40, >= net40
    Microsoft.Bcl (1.1.9)
      Microsoft.Bcl.Build (>= 1.0.14)
    Microsoft.Bcl.Build (1.0.21)
    Microsoft.Net.Http (2.2.28)
      Microsoft.Bcl (>= 1.1.9)
      Microsoft.Bcl.Build (>= 1.0.14)
    Newtonsoft.Json (6.0.8)
    NuGet.CommandLine (2.8.3)
    NUnit.Runners (2.6.4)
    Octokit (0.6.2)
      Microsoft.Net.Http
    openfilesystem (1.0.0.61263243)
    SourceLink.Fake (0.4.2)
    Suave (0.25.0)
      FSharp.Core (>= 3.1.2.1)
      FsPickler (>= 1.0.7)
    UnionArgParser (0.8.6)
    VDS.Common (1.4.0)
    xunit (1.9.2)
    xunit.runners (1.9.2)
GITHUB
  remote: fsharp/FAKE
  specs:
    modules/Octokit/Octokit.fsx (417942d4d8030484c2a574d5aa9db6f4236feffa)
      Octokit
  remote: nhsevidence/ld-mimir
  specs:
    common/RDF.fs (08d26074feae5729a772aeb953ad7351049d4090)